PATH
  remote: /Users/dave/Projects/radius/serhexr
  specs:
    serhexr (0.0.8)
      ffi (~> 1.9)

PATH
  remote: /Users/dave/Projects/scratch/ruby/curses/doze
  specs:
    doze (0.0.1)
      curses

GEM
  remote: https://rubygems.org/
  specs:
    colorize (0.7.7)
    curses (1.0.1)
    diff-lcs (1.2.5)
    em-serialport (0.0.2)
      eventmachine (= 0.12.10)
      serialport
    eventmachine (0.12.10)
    ffi (1.9.8)
    mac_vendor (0.0.2)
    rspec (3.2.0)
      rspec-core (~> 3.2.0)
      rspec-expectations (~> 3.2.0)
      rspec-mocks (~> 3.2.0)
    rspec-core (3.2.3)
      rspec-support (~> 3.2.0)
    rspec-expectations (3.2.1)
      diff-lcs (>= 1.2.0, < 2.0)
      rspec-support (~> 3.2.0)
    rspec-mocks (3.2.1)
      diff-lcs (>= 1.2.0, < 2.0)
      rspec-support (~> 3.2.0)
    rspec-support (3.2.2)
    serialport (1.3.1)

PLATFORMS
  ruby

DEPENDENCIES
  colorize
  doze!
  em-serialport
  ffi
  mac_vendor
  rspec
  serhexr!
