GEM
  remote: https://rubygems.org/
  specs:
    em-serialport (0.0.2)
      eventmachine (= 0.12.10)
      serialport
    eventmachine (0.12.10)
    ffi (1.9.8)
    serialport (1.3.1)

PLATFORMS
  ruby

DEPENDENCIES
  em-serialport
  ffi
