GEM
  remote: https://rubygems.org/
  specs:
    diff-lcs (1.2.5)
    em-serialport (0.0.2)
      eventmachine (= 0.12.10)
      serialport
    eventmachine (0.12.10)
    ffi (1.9.8)
    mac_vendor (0.0.2)
    rspec (3.2.0)
      rspec-core (~> 3.2.0)
      rspec-expectations (~> 3.2.0)
      rspec-mocks (~> 3.2.0)
    rspec-core (3.2.3)
      rspec-support (~> 3.2.0)
    rspec-expectations (3.2.1)
      diff-lcs (>= 1.2.0, < 2.0)
      rspec-support (~> 3.2.0)
    rspec-mocks (3.2.1)
      diff-lcs (>= 1.2.0, < 2.0)
      rspec-support (~> 3.2.0)
    rspec-support (3.2.2)
    serialport (1.3.1)

PLATFORMS
  ruby

DEPENDENCIES
  em-serialport
  ffi
  mac_vendor
  rspec
